GIT
  remote: git://github.com/Agiley/flickr.git
  revision: c80b8368170fadab670d3dcbbef73410bf49ba16
  branch: master
  specs:
    agiley-flickr (1.0.14)
      xml-simple (>= 1.0.12)

GEM
  remote: http://rubygems.org/
  specs:
    abstract (1.0.0)
    actionmailer (3.0.0)
      actionpack (= 3.0.0)
      mail (~> 2.2.5)
    actionpack (3.0.0)
      activemodel (= 3.0.0)
      activesupport (= 3.0.0)
      builder (~> 2.1.2)
      erubis (~> 2.6.6)
      i18n (~> 0.4.1)
      rack (~> 1.2.1)
      rack-mount (~> 0.6.12)
      rack-test (~> 0.5.4)
      tzinfo (~> 0.3.23)
    activemodel (3.0.0)
      activesupport (= 3.0.0)
      builder (~> 2.1.2)
      i18n (~> 0.4.1)
    activerecord (3.0.0)
      activemodel (= 3.0.0)
      activesupport (= 3.0.0)
      arel (~> 1.0.0)
      tzinfo (~> 0.3.23)
    activeresource (3.0.0)
      activemodel (= 3.0.0)
      activesupport (= 3.0.0)
    activesupport (3.0.0)
    addressable (2.2.6)
    arel (1.0.1)
      activesupport (~> 3.0.0)
    builder (2.1.2)
    chunky_png (1.2.1)
    compass (0.11.5)
      chunky_png (~> 1.2)
      fssm (>= 0.2.7)
      sass (~> 3.1)
    crack (0.1.8)
    erubis (2.6.6)
      abstract (>= 1.0.0)
    faraday (0.7.4)
      addressable (~> 2.2.6)
      multipart-post (~> 1.1.0)
      rack (>= 1.1.0, < 2)
    faraday_middleware (0.7.0)
      faraday (~> 0.7.3)
    foursquare2 (1.1.0)
      faraday (~> 0.6)
      faraday_middleware (~> 0.6)
      hashie (~> 1.0)
    fssm (0.2.7)
    googlecharts (1.6.7)
    haml (3.1.2)
    hashie (1.1.0)
    httparty (0.7.8)
      crack (= 0.1.8)
    i18n (0.4.2)
    mail (2.2.19)
      activesupport (>= 2.3.6)
      i18n (>= 0.4.0)
      mime-types (~> 1.16)
      treetop (~> 1.4.8)
    mime-types (1.16)
    multi_json (1.0.3)
    multi_xml (0.2.2)
    multipart-post (1.1.3)
    mysql (2.8.1)
    oauth (0.4.5)
    polyglot (0.3.2)
    rack (1.2.3)
    rack-mount (0.6.14)
      rack (>= 1.0.0)
    rack-test (0.5.7)
      rack (>= 1.0)
    rails (3.0.0)
      actionmailer (= 3.0.0)
      actionpack (= 3.0.0)
      activerecord (= 3.0.0)
      activeresource (= 3.0.0)
      activesupport (= 3.0.0)
      bundler (~> 1.0.0)
      railties (= 3.0.0)
    railties (3.0.0)
      actionpack (= 3.0.0)
      activesupport (= 3.0.0)
      rake (>= 0.8.4)
      thor (~> 0.14.0)
    rake (0.9.2)
    sass (3.1.7)
    settingslogic (2.0.6)
    simple_oauth (0.1.5)
    thor (0.14.6)
    treetop (1.4.10)
      polyglot
      polyglot (>= 0.3.1)
    twitter (1.6.2)
      faraday (~> 0.7.4)
      faraday_middleware (~> 0.7.0)
      hashie (~> 1.1.0)
      multi_json (~> 1.0.0)
      multi_xml (~> 0.2.0)
      simple_oauth (~> 0.1.5)
    twitter-text (1.4.9)
      activesupport
    tzinfo (0.3.29)
    will_paginate (3.0.0)
    www-delicious (0.4.0)
    xml-simple (1.1.0)

PLATFORMS
  ruby

DEPENDENCIES
  agiley-flickr!
  compass (>= 0.10.6)
  foursquare2 (>= 1.1.0)
  googlecharts (>= 1.6.0)
  haml (>= 3.0.23)
  httparty (>= 0.6.1)
  mysql (= 2.8.1)
  oauth (>= 0.4.4)
  rails (= 3.0.0)
  settingslogic (>= 2.0.6)
  twitter
  twitter-text (>= 1.2.4)
  will_paginate (>= 2.3.15)
  www-delicious (>= 0.4.0)
