GIT
  remote: git://github.com/Agiley/flickr.git
  revision: bae7338938cd2d5206817623cfe7b0d97db73594
  branch: master
  specs:
    agiley-flickr (1.0.14)
      xml-simple (>= 1.0.12)

GEM
  remote: http://rubygems.org/
  specs:
    abstract (1.0.0)
    actionmailer (3.0.0)
      actionpack (= 3.0.0)
      mail (~> 2.2.5)
    actionpack (3.0.0)
      activemodel (= 3.0.0)
      activesupport (= 3.0.0)
      builder (~> 2.1.2)
      erubis (~> 2.6.6)
      i18n (~> 0.4.1)
      rack (~> 1.2.1)
      rack-mount (~> 0.6.12)
      rack-test (~> 0.5.4)
      tzinfo (~> 0.3.23)
    activemodel (3.0.0)
      activesupport (= 3.0.0)
      builder (~> 2.1.2)
      i18n (~> 0.4.1)
    activerecord (3.0.0)
      activemodel (= 3.0.0)
      activesupport (= 3.0.0)
      arel (~> 1.0.0)
      tzinfo (~> 0.3.23)
    activeresource (3.0.0)
      activemodel (= 3.0.0)
      activesupport (= 3.0.0)
    activesupport (3.0.0)
    addressable (2.2.2)
    arel (1.0.1)
      activesupport (~> 3.0.0)
    builder (2.1.2)
    compass (0.10.6)
      haml (>= 3.0.4)
    crack (0.1.8)
    erubis (2.6.6)
      abstract (>= 1.0.0)
    faraday (0.5.2)
      addressable (~> 2.2.2)
      multipart-post (~> 1.0.1)
      rack (>= 1.1.0, < 2)
    faraday_middleware (0.2.2)
      faraday (~> 0.5.2)
    foursquare (0.3.4)
      hashie (>= 0.1.8)
      httparty (>= 0.4.3)
      oauth (>= 0.3.5)
    haml (3.0.23)
    hashie (0.4.0)
    httparty (0.6.1)
      crack (= 0.1.8)
    i18n (0.4.2)
    mail (2.2.9)
      activesupport (>= 2.3.6)
      i18n (~> 0.4.1)
      mime-types (~> 1.16)
      treetop (~> 1.4.8)
    mime-types (1.16)
    multi_json (0.0.5)
    multi_xml (0.2.0)
    multipart-post (1.0.1)
    mysql (2.8.1)
    oauth (0.4.4)
    polyglot (0.3.1)
    rack (1.2.1)
    rack-mount (0.6.13)
      rack (>= 1.0.0)
    rack-test (0.5.6)
      rack (>= 1.0)
    rails (3.0.0)
      actionmailer (= 3.0.0)
      actionpack (= 3.0.0)
      activerecord (= 3.0.0)
      activeresource (= 3.0.0)
      activesupport (= 3.0.0)
      bundler (~> 1.0.0)
      railties (= 3.0.0)
    railties (3.0.0)
      actionpack (= 3.0.0)
      activesupport (= 3.0.0)
      rake (>= 0.8.4)
      thor (~> 0.14.0)
    rake (0.8.7)
    simple_oauth (0.1.1)
    thor (0.14.4)
    treetop (1.4.8)
      polyglot (>= 0.3.1)
    twitter (1.0.0.rc.6)
      addressable (~> 2.2.2)
      faraday (~> 0.5.2)
      faraday_middleware (~> 0.2.2)
      hashie (~> 0.4.0)
      multi_json (~> 0.0.4)
      multi_xml (~> 0.2.0)
      simple_oauth (~> 0.1.1)
    tzinfo (0.3.23)
    www-delicious (0.4.0)
    xml-simple (1.0.12)

PLATFORMS
  ruby

DEPENDENCIES
  agiley-flickr!
  compass (>= 0.10.6)
  foursquare (>= 0.3.4)
  haml (>= 3.0.23)
  httparty (>= 0.6.1)
  mysql (= 2.8.1)
  oauth (>= 0.4.4)
  rails (= 3.0.0)
  twitter (= 1.0.0.rc.6)
  www-delicious (>= 0.4.0)
